GEM
  remote: http://rubygems.org/
  specs:
    addressable (2.2.2)
    basecamp (0.0.2)
      oauth2 (~> 0.0.8)
    faraday (0.4.6)
      addressable (>= 2.1.1)
      rack (>= 1.0.1)
    multi_json (0.0.5)
    oauth2 (0.0.13)
      faraday (~> 0.4.1)
      multi_json (>= 0.0.4)
    rack (1.2.1)
    rb-appscript (0.5.3)
    things-client (0.2.4)
      rb-appscript (>= 0.5.3)

PLATFORMS
  ruby

DEPENDENCIES
  basecamp (= 0.0.2)
  things-client (= 0.2.4)
